PATH
  remote: .
  specs:
    diarize-ruby (0.3.0)
      jblas-ruby
      rjb
      to-rdf

GEM
  remote: http://rubygems.org/
  specs:
    addressable (2.4.0)
    byebug (9.0.5)
    crack (0.4.3)
      safe_yaml (~> 1.0.0)
    hashdiff (0.3.0)
    jblas-ruby (1.1.1)
    metaclass (0.0.4)
    mocha (1.1.0)
      metaclass (~> 0.0.1)
    power_assert (0.3.0)
    rjb (1.5.4)
    safe_yaml (1.0.4)
    test-unit (3.2.0)
      power_assert
    to-rdf (0.0.1)
    webmock (2.1.0)
      addressable (>= 2.3.6)
      crack (>= 0.3.2)
      hashdiff

PLATFORMS
  ruby

DEPENDENCIES
  byebug
  diarize-ruby!
  mocha
  test-unit (~> 3.0)
  webmock

BUNDLED WITH
   1.11.2
